GEM
  remote: http://rubygems.org/
  specs:
    coffee-script (2.1.1)
      coffee-script-source
    coffee-script-source (1.0.1)
    configuration (1.2.0)
    growl (1.0.3)
    guard (0.3.0)
      open_gem (~> 1.4.2)
      thor (~> 0.14.6)
    guard-coffeescript (0.1.7)
      coffee-script (~> 2.1.1)
      guard (~> 0.3.0)
    launchy (0.3.7)
      configuration (>= 0.0.5)
      rake (>= 0.8.1)
    open_gem (1.4.2)
      launchy (~> 0.3.5)
    rake (0.8.7)
    rb-fsevent (0.3.9)
    thor (0.14.6)

PLATFORMS
  ruby

DEPENDENCIES
  growl
  guard-coffeescript
  rb-fsevent
